NUGET
  remote: https://www.nuget.org/api/v2
    MahApps.Metro.IconPacks (1.6)
