NUGET
  remote: https://api.nuget.org/v3/index.json
    ControlzEx (4.0.0-alpha0189) - restriction: >= net45
    MahApps.Metro.IconPacks (3.0.0-alpha0035)
      ControlzEx (>= 4.0.0-alpha0189) - restriction: >= net45
